PATH
  remote: .
  specs:
    las_vegas_hikes (0.1.0)
      nokogiri

GEM
  remote: https://rubygems.org/
  specs:
    mini_portile2 (2.4.0)
    nokogiri (1.10.8)
      mini_portile2 (~> 2.4.0)
    rake (10.5.0)

PLATFORMS
  ruby

DEPENDENCIES
  bundler (~> 2.0)
  las_vegas_hikes!
  rake (~> 10.0)

BUNDLED WITH
   2.0.1
